{
	"ConversionSoftware": "dicm2nii.m 20210821",
	"SeriesNumber": 9,
	"SeriesDescription": "t1_mprage_sag_p2_iso_water_exc",
	"ImageType": ["ORIGINAL", "PRIMARY", "M", "ND", "NORM"],
	"Modality": "MR",
	"AcquisitionDateTime": "20180902121429.705000",
	"RepetitionTime": 2.3,
	"ParallelReductionFactorInPlane": 2,
	"ParallelAcquisitionTechnique": "GRAPPA",
	"PhaseEncodingDirection": "j-",
	"EchoTime": 0.00229,
	"InversionTime": 0.9,
	"PatientSex": "M",
	"PatientAge": "036Y",
	"PatientSize": 1.76,
	"PatientWeight": 71,
	"PatientPosition": "HFS",
	"SliceThickness": 0.94,
	"FlipAngle": 8,
	"Manufacturer": "SIEMENS",
	"SoftwareVersion": "syngo MR E11",
	"MRAcquisitionType": "3D",
	"InstitutionName": "Weizmann Institute",
	"InstitutionAddress": "Street StreetNo,City,District,IL,ZIP",
	"DeviceSerialNumber": "166054",
	"ScanningSequence": "GR\\IR",
	"SequenceVariant": "SK\\SP\\MP",
	"ScanOptions": "IR\\WE",
	"SequenceName": "*tfl3d1_16ns"
}
