{
	"ConversionSoftware": "dicm2nii.m 20210821",
	"SeriesNumber": 6,
	"SeriesDescription": "EPI_PSAP_iso2.5",
	"ImageType": ["ORIGINAL", "PRIMARY", "M", "MB", "ND", "MOSAIC"],
	"Modality": "MR",
	"AcquisitionDateTime": "20181127160318.042500",
	"TotalReadoutTime": 0.048449612,
	"SliceTiming": [
		0,
		0.92,
		1.84,
		0.78,
		1.6975,
		0.6375,
		1.5575,
		0.495,
		1.415,
		0.355,
		1.275,
		0.2125,
		1.1325,
		0.0725,
		0.99,
		1.91,
		0.85,
		1.77,
		0.7075,
		1.6275,
		0.5675,
		1.485,
		0.425,
		1.345,
		0.285,
		1.2025,
		0.1425,
		1.0625,
		0,
		0.92,
		1.84,
		0.78,
		1.6975,
		0.6375,
		1.5575,
		0.495,
		1.415,
		0.355,
		1.275,
		0.2125,
		1.1325,
		0.0725,
		0.99,
		1.91,
		0.85,
		1.77,
		0.7075,
		1.6275,
		0.5675,
		1.485,
		0.425,
		1.345,
		0.285,
		1.2025,
		0.1425,
		1.0625	],
	"RepetitionTime": 2,
	"ParallelReductionFactorInPlane": 1,
	"ParallelAcquisitionTechnique": "none",
	"PhaseEncodingDirection": "j-",
	"EffectiveEchoSpacing": 0.00050999592,
	"EchoTime": 0.03,
	"PatientSex": "M",
	"PatientAge": "034Y",
	"PatientSize": 1.8,
	"PatientWeight": 83,
	"PatientPosition": "HFS",
	"SliceThickness": 2.5,
	"FlipAngle": 75,
	"Manufacturer": "SIEMENS",
	"SoftwareVersion": "syngo MR E11",
	"MRAcquisitionType": "2D",
	"InstitutionName": "Weizmann Institute",
	"InstitutionAddress": "Street StreetNo,City,District,IL,ZIP",
	"DeviceSerialNumber": "166054",
	"ScanningSequence": "EP",
	"SequenceVariant": "SK\\SS",
	"ScanOptions": "FS",
	"SequenceName": "epfid2d1_96"
}
