{
	"ConversionSoftware": "dicm2nii.m 20210821",
	"SeriesNumber": 13,
	"SeriesDescription": "EPI_PSAP_iso2.5",
	"ImageType": ["ORIGINAL", "PRIMARY", "M", "MB", "ND", "MOSAIC"],
	"Modality": "MR",
	"AcquisitionDateTime": "20190130141207.540000",
	"TotalReadoutTime": 0.048449612,
	"SliceTiming": [
		0,
		0.9175,
		1.8375,
		0.7775,
		1.695,
		0.635,
		1.555,
		0.495,
		1.4125,
		0.3525,
		1.2725,
		0.21,
		1.13,
		0.07,
		0.99,
		1.9075,
		0.8475,
		1.7675,
		0.705,
		1.625,
		0.565,
		1.485,
		0.4225,
		1.3425,
		0.2825,
		1.2,
		0.14,
		1.06,
		0,
		0.9175,
		1.8375,
		0.7775,
		1.695,
		0.635,
		1.555,
		0.495,
		1.4125,
		0.3525,
		1.2725,
		0.21,
		1.13,
		0.07,
		0.99,
		1.9075,
		0.8475,
		1.7675,
		0.705,
		1.625,
		0.565,
		1.485,
		0.4225,
		1.3425,
		0.2825,
		1.2,
		0.14,
		1.06	],
	"RepetitionTime": 2,
	"ParallelReductionFactorInPlane": 1,
	"ParallelAcquisitionTechnique": "none",
	"PhaseEncodingDirection": "j-",
	"EffectiveEchoSpacing": 0.00050999592,
	"EchoTime": 0.03,
	"PatientSex": "F",
	"PatientAge": "027Y",
	"PatientSize": 1.68,
	"PatientWeight": 55,
	"PatientPosition": "HFS",
	"SliceThickness": 2.5,
	"FlipAngle": 75,
	"Manufacturer": "SIEMENS",
	"SoftwareVersion": "syngo MR E11",
	"MRAcquisitionType": "2D",
	"InstitutionName": "Weizmann Institute",
	"InstitutionAddress": "Street StreetNo,City,District,IL,ZIP",
	"DeviceSerialNumber": "166054",
	"ScanningSequence": "EP",
	"SequenceVariant": "SK\\SS",
	"ScanOptions": "FS",
	"SequenceName": "epfid2d1_96"
}
