{
	"ConversionSoftware": "dicm2nii.m 20210821",
	"SeriesNumber": 9,
	"SeriesDescription": "EPI_PSAP_iso2.5_SBRef",
	"ImageType": ["ORIGINAL", "PRIMARY", "M", "ND", "MOSAIC"],
	"Modality": "MR",
	"AcquisitionDateTime": "20181113160559.565000",
	"TotalReadoutTime": 0.048449612,
	"RepetitionTime": 2,
	"ParallelReductionFactorInPlane": 1,
	"ParallelAcquisitionTechnique": "none",
	"PhaseEncodingDirection": "j-",
	"EffectiveEchoSpacing": 0.00050999592,
	"EchoTime": 0.03,
	"PatientSex": "F",
	"PatientAge": "023Y",
	"PatientSize": 1.65,
	"PatientWeight": 64,
	"PatientPosition": "HFS",
	"SliceThickness": 2.5,
	"FlipAngle": 75,
	"Manufacturer": "SIEMENS",
	"SoftwareVersion": "syngo MR E11",
	"MRAcquisitionType": "2D",
	"InstitutionName": "Weizmann Institute",
	"InstitutionAddress": "Street StreetNo,City,District,IL,ZIP",
	"DeviceSerialNumber": "166054",
	"ScanningSequence": "EP",
	"SequenceVariant": "SK\\SS",
	"ScanOptions": "FS",
	"SequenceName": "epfid2d1_96"
}
